PATH
  remote: .
  specs:
    test_xml (0.1.2)
      nokogiri (>= 1.3.2)

GEM
  remote: https://rubygems.org/
  specs:
    diff-lcs (1.2.4)
    json (1.8.0)
    nokogiri (1.5.9)
    rake (10.0.4)
    rdoc (4.0.1)
      json (~> 1.4)
    rspec (2.13.0)
      rspec-core (~> 2.13.0)
      rspec-expectations (~> 2.13.0)
      rspec-mocks (~> 2.13.0)
    rspec-core (2.13.1)
    rspec-expectations (2.13.0)
      diff-lcs (>= 1.1.3, < 2.0)
    rspec-mocks (2.13.1)

PLATFORMS
  ruby

DEPENDENCIES
  rake
  rdoc
  rspec (>= 2.2)
  rspec-core (~> 2.2)
  test_xml!
